GIT
  remote: git://github.com/opal/opal.git
  revision: 208421af2f991df40e9035b3b0b965f98542a776
  branch: master
  specs:
    opal (0.9.0.dev)
      hike (~> 1.2)
      sourcemap (~> 0.1.0)
      sprockets (~> 3.1)
      tilt (>= 1.4)

GEM
  remote: https://rubygems.org/
  specs:
    haml (4.0.7)
      tilt
    hike (1.2.3)
    opal-haml (0.4.0)
      haml
      opal (>= 0.5.0, < 1.0.0)
    opal-jquery (0.4.0)
      opal (>= 0.7.0, < 0.9.0)
    rack (1.6.4)
    sourcemap (0.1.1)
    sprockets (3.3.4)
      rack (~> 1.0)
    tilt (2.0.1)

PLATFORMS
  ruby

DEPENDENCIES
  opal!
  opal-haml
  opal-jquery
  sprockets

BUNDLED WITH
   1.10.6
